GEM
  remote: https://rubygems.org/
  specs:
    bigdecimal (1.4.3)

PLATFORMS
  ruby

DEPENDENCIES
  bigdecimal

BUNDLED WITH
   1.16.4
